GEM
  remote: https://rubygems.org/
  specs:
    bigdecimal (3.1.4)
    coderay (1.1.3)
    csv (3.2.7)
    diff-lcs (1.5.0)
    method_source (1.0.0)
    pry (0.14.2)
      coderay (~> 1.1)
      method_source (~> 1.0)
    rake (13.0.6)
    rspec (3.12.0)
      rspec-core (~> 3.12.0)
      rspec-expectations (~> 3.12.0)
      rspec-mocks (~> 3.12.0)
    rspec-core (3.12.2)
      rspec-support (~> 3.12.0)
    rspec-expectations (3.12.3)
      diff-lcs (>= 1.2.0, < 2.0)
      rspec-support (~> 3.12.0)
    rspec-mocks (3.12.6)
      diff-lcs (>= 1.2.0, < 2.0)
      rspec-support (~> 3.12.0)
    rspec-support (3.12.1)
    sequel (5.72.0)
      bigdecimal
    sqlite3 (1.6.6-x86_64-linux)

PLATFORMS
  x86_64-linux

DEPENDENCIES
  csv (~> 3.2)
  pry (~> 0.14.2)
  rake (~> 13.0)
  rspec (~> 3.12)
  sequel (~> 5.72)
  sqlite3 (~> 1.6)

BUNDLED WITH
   2.4.19
